GEM
  remote: https://rubygems.org/
  specs:
    activesupport (6.1.4)
      concurrent-ruby (~> 1.0, >= 1.0.2)
      i18n (>= 1.6, < 2)
      minitest (>= 5.1)
      tzinfo (~> 2.0)
      zeitwerk (~> 2.3)
    addressable (2.8.0)
      public_suffix (>= 2.0.2, < 5.0)
    anbt-sql-formatter (0.1.0)
    ast (2.4.0)
    benchmark-ips (2.7.2)
    capybara (3.32.2)
      addressable
      mini_mime (>= 0.1.3)
      nokogiri (~> 1.8)
      rack (>= 1.6.0)
      rack-test (>= 0.6.3)
      regexp_parser (~> 1.5)
      xpath (~> 3.2)
    childprocess (3.0.0)
    coderay (1.1.3)
    concurrent-ruby (1.1.9)
    diff-lcs (1.3)
    i18n (1.8.10)
      concurrent-ruby (~> 1.0)
    jaro_winkler (1.5.4)
    method_source (1.0.0)
    mini_mime (1.0.2)
    mini_portile2 (2.5.3)
    minitest (5.14.4)
    nokogiri (1.11.7)
      mini_portile2 (~> 2.5.0)
      racc (~> 1.4)
    parallel (1.19.1)
    parser (2.7.0.2)
      ast (~> 2.4.0)
    pg (1.2.2)
    pry (0.13.1)
      coderay (~> 1.1)
      method_source (~> 1.0)
    pry-remote (0.1.8)
      pry (~> 0.9)
      slop (~> 3.0)
    public_suffix (4.0.6)
    racc (1.5.2)
    rack (2.2.3)
    rack-test (1.1.0)
      rack (>= 1.0, < 3)
    rack-unreloader (1.7.0)
    rainbow (3.0.0)
    rake (13.0.1)
    regexp_parser (1.7.1)
    roda (3.29.0)
      rack
    rspec (3.9.0)
      rspec-core (~> 3.9.0)
      rspec-expectations (~> 3.9.0)
      rspec-mocks (~> 3.9.0)
    rspec-core (3.9.1)
      rspec-support (~> 3.9.1)
    rspec-expectations (3.9.0)
      diff-lcs (>= 1.2.0, < 2.0)
      rspec-support (~> 3.9.0)
    rspec-mocks (3.9.1)
      diff-lcs (>= 1.2.0, < 2.0)
      rspec-support (~> 3.9.0)
    rspec-support (3.9.2)
    rubocop (0.79.0)
      jaro_winkler (~> 1.5.1)
      parallel (~> 1.10)
      parser (>= 2.7.0.1)
      rainbow (>= 2.2.2, < 4.0)
      ruby-progressbar (~> 1.7)
      unicode-display_width (>= 1.4.0, < 1.7)
    rubocop-rspec (1.38.1)
      rubocop (>= 0.68.1)
    ruby-progressbar (1.10.1)
    rubyzip (2.2.0)
    selenium-webdriver (3.142.7)
      childprocess (>= 0.5, < 4.0)
      rubyzip (>= 1.2.2)
    sequel (5.38.0)
    sequel_pg (1.12.4)
      pg (>= 0.18.0, != 1.2.0)
      sequel (>= 4.38.0)
    slop (3.6.0)
    tzinfo (2.0.4)
      concurrent-ruby (~> 1.0)
    unicode-display_width (1.6.1)
    warning (1.1.0)
    webrick (1.7.0)
    xpath (3.2.0)
      nokogiri (~> 1.8)
    zeitwerk (2.4.2)

PLATFORMS
  ruby

DEPENDENCIES
  activesupport (~> 6.0)
  anbt-sql-formatter (~> 0.1)
  benchmark-ips (~> 2.7)
  capybara
  pg (~> 1.2)
  pry (~> 0.13)
  pry-remote (~> 0.1)
  rack-unreloader (~> 1.7)
  rake (~> 13.0)
  roda (~> 3.29)
  rspec (~> 3.9)
  rubocop (~> 0.79)
  rubocop-rspec
  selenium-webdriver
  sequel (~> 5.29)
  sequel_pg (~> 1.12)
  warning
  webrick (~> 1.7)

RUBY VERSION
   ruby 3.0.0p0

BUNDLED WITH
   2.2.16
